GEM
  remote: https://rubygems.org/
  specs:
    ast (2.0.0)
    astrolabe (1.3.1)
      parser (~> 2.2)
    json (1.8.1)
    parser (2.2.2.6)
      ast (>= 1.1, < 3.0)
    powerpack (0.1.1)
    rainbow (2.0.0)
    rake (10.4.2)
    rubocop (0.34.2)
      astrolabe (~> 1.3)
      parser (>= 2.2.2.5, < 3.0)
      powerpack (~> 0.1)
      rainbow (>= 1.99.1, < 3.0)
      ruby-progressbar (~> 1.4)
    ruby-progressbar (1.7.1)

PLATFORMS
  ruby

DEPENDENCIES
  json (= 1.8.1)
  rainbow (= 2.0.0)
  rake
  rubocop (= 0.34.2)

BUNDLED WITH
   1.10.6
